GEM
  remote: https://rubygems.org/
  specs:
    actioncable (7.2.0.rc1)
      actionpack (= 7.2.0.rc1)
      activesupport (= 7.2.0.rc1)
      nio4r (~> 2.0)
      websocket-driver (>= 0.6.1)
      zeitwerk (~> 2.6)
    actionmailbox (7.2.0.rc1)
      actionpack (= 7.2.0.rc1)
      activejob (= 7.2.0.rc1)
      activerecord (= 7.2.0.rc1)
      activestorage (= 7.2.0.rc1)
      activesupport (= 7.2.0.rc1)
      mail (>= 2.8.0)
    actionmailer (7.2.0.rc1)
      actionpack (= 7.2.0.rc1)
      actionview (= 7.2.0.rc1)
      activejob (= 7.2.0.rc1)
      activesupport (= 7.2.0.rc1)
      mail (>= 2.8.0)
      rails-dom-testing (~> 2.2)
    actionpack (7.2.0.rc1)
      actionview (= 7.2.0.rc1)
      activesupport (= 7.2.0.rc1)
      nokogiri (>= 1.8.5)
      racc
      rack (>= 2.2.4, < 3.2)
      rack-session (>= 1.0.1)
      rack-test (>= 0.6.3)
      rails-dom-testing (~> 2.2)
      rails-html-sanitizer (~> 1.6)
      useragent (~> 0.16)
    actiontext (7.2.0.rc1)
      actionpack (= 7.2.0.rc1)
      activerecord (= 7.2.0.rc1)
      activestorage (= 7.2.0.rc1)
      activesupport (= 7.2.0.rc1)
      globalid (>= 0.6.0)
      nokogiri (>= 1.8.5)
    actionview (7.2.0.rc1)
      activesupport (= 7.2.0.rc1)
      builder (~> 3.1)
      erubi (~> 1.11)
      rails-dom-testing (~> 2.2)
      rails-html-sanitizer (~> 1.6)
    activejob (7.2.0.rc1)
      activesupport (= 7.2.0.rc1)
      globalid (>= 0.3.6)
    activemodel (7.2.0.rc1)
      activesupport (= 7.2.0.rc1)
    activerecord (7.2.0.rc1)
      activemodel (= 7.2.0.rc1)
      activesupport (= 7.2.0.rc1)
      timeout (>= 0.4.0)
    activestorage (7.2.0.rc1)
      actionpack (= 7.2.0.rc1)
      activejob (= 7.2.0.rc1)
      activerecord (= 7.2.0.rc1)
      activesupport (= 7.2.0.rc1)
      marcel (~> 1.0)
    activesupport (7.2.0.rc1)
      base64
      bigdecimal
      concurrent-ruby (~> 1.0, >= 1.3.1)
      connection_pool (>= 2.2.5)
      drb
      i18n (>= 1.6, < 2)
      logger (>= 1.4.2)
      minitest (>= 5.1)
      securerandom (>= 0.3)
      tzinfo (~> 2.0, >= 2.0.5)
    acts_as_tenant (1.0.1)
      rails (>= 6.0)
    addressable (2.8.7)
      public_suffix (>= 2.0.2, < 7.0)
    annotate (3.2.0)
      activerecord (>= 3.2, < 8.0)
      rake (>= 10.4, < 14.0)
    ast (2.4.2)
    axe-core-api (4.9.1)
      dumb_delegator
      virtus
    axiom-types (0.1.1)
      descendants_tracker (~> 0.0.4)
      ice_nine (~> 0.11.0)
      thread_safe (~> 0.3, >= 0.3.1)
    base64 (0.2.0)
    bcrypt (3.1.20)
    bigdecimal (3.1.8)
    bindex (0.8.1)
    bootsnap (1.18.4)
      msgpack (~> 1.2)
    builder (3.3.0)
    bullet (7.2.0)
      activesupport (>= 3.0.0)
      uniform_notifier (~> 1.11)
    capybara (3.40.0)
      addressable
      matrix
      mini_mime (>= 0.1.3)
      nokogiri (~> 1.11)
      rack (>= 1.6.0)
      rack-test (>= 0.6.3)
      regexp_parser (>= 1.5, < 3.0)
      xpath (~> 3.2)
    capybara_accessibility_audit (0.2.0)
      axe-core-api
      capybara
      rails (>= 6.1)
      zeitwerk
    childprocess (5.1.0)
      logger (~> 1.5)
    choice (0.2.0)
    coderay (1.1.3)
    coercible (1.0.0)
      descendants_tracker (~> 0.0.1)
    concurrent-ruby (1.3.3)
    connection_pool (2.4.1)
    crass (1.0.6)
    date (3.3.4)
    debug (1.9.2)
      irb (~> 1.10)
      reline (>= 0.3.8)
    descendants_tracker (0.0.4)
      thread_safe (~> 0.3, >= 0.3.1)
    devise (4.9.4)
      bcrypt (~> 3.0)
      orm_adapter (~> 0.1)
      railties (>= 4.1.0)
      responders
      warden (~> 1.2.3)
    devise-pwned_password (0.1.12)
      devise (~> 4)
      pwned (~> 2.4)
    diff-lcs (1.5.1)
    dotenv (3.1.2)
    dotenv-rails (3.1.2)
      dotenv (= 3.1.2)
      railties (>= 6.1)
    drb (2.2.1)
    dumb_delegator (1.0.0)
    erubi (1.13.0)
    factory_bot (6.4.6)
      activesupport (>= 5.0.0)
    factory_bot_rails (6.4.3)
      factory_bot (~> 6.4)
      railties (>= 5.0.0)
    faraday (2.10.1)
      faraday-net_http (>= 2.0, < 3.2)
      logger
    faraday-net_http (3.1.1)
      net-http
    ffaker (2.23.0)
    ffi (1.17.0-arm64-darwin)
    formatador (1.1.0)
    globalid (1.2.1)
      activesupport (>= 6.1)
    guard (2.18.1)
      formatador (>= 0.2.4)
      listen (>= 2.7, < 4.0)
      lumberjack (>= 1.0.12, < 2.0)
      nenv (~> 0.1)
      notiffany (~> 0.0)
      pry (>= 0.13.0)
      shellany (~> 0.0)
      thor (>= 0.18.1)
    guard-compat (1.2.1)
    guard-rspec (4.7.3)
      guard (~> 2.1)
      guard-compat (~> 1.1)
      rspec (>= 2.99.0, < 4.0)
    hashie (5.0.0)
    honeybadger (5.15.5)
    hotwire-livereload (1.4.0)
      actioncable (>= 6.0.0)
      listen (>= 3.0.0)
      railties (>= 6.0.0)
    i18n (1.14.5)
      concurrent-ruby (~> 1.0)
    ice_nine (0.11.2)
    image_processing (1.13.0)
      mini_magick (>= 4.9.5, < 5)
      ruby-vips (>= 2.0.17, < 3)
    importmap-rails (2.0.1)
      actionpack (>= 6.0.0)
      activesupport (>= 6.0.0)
      railties (>= 6.0.0)
    inline_svg (1.9.0)
      activesupport (>= 3.0)
      nokogiri (>= 1.6)
    io-console (0.7.2)
    irb (1.14.0)
      rdoc (>= 4.0.0)
      reline (>= 0.4.2)
    jbuilder (2.12.0)
      actionview (>= 5.0.0)
      activesupport (>= 5.0.0)
    json (2.7.2)
    jwt (2.8.2)
      base64
    language_server-protocol (3.17.0.3)
    launchy (3.0.1)
      addressable (~> 2.8)
      childprocess (~> 5.0)
    letter_opener (1.10.0)
      launchy (>= 2.2, < 4)
    letter_opener_web (3.0.0)
      actionmailer (>= 6.1)
      letter_opener (~> 1.9)
      railties (>= 6.1)
      rexml
    lint_roller (1.1.0)
    listen (3.9.0)
      rb-fsevent (~> 0.10, >= 0.10.3)
      rb-inotify (~> 0.9, >= 0.9.10)
    logger (1.6.0)
    loofah (2.22.0)
      crass (~> 1.0.2)
      nokogiri (>= 1.12.0)
    lumberjack (1.2.10)
    mail (2.8.1)
      mini_mime (>= 0.1.1)
      net-imap
      net-pop
      net-smtp
    marcel (1.0.4)
    matrix (0.4.2)
    method_source (1.1.0)
    mini_magick (4.13.2)
    mini_mime (1.1.5)
    minitest (5.24.1)
    msgpack (1.7.2)
    multi_xml (0.7.1)
      bigdecimal (~> 3.1)
    nenv (0.3.0)
    net-http (0.4.1)
      uri
    net-imap (0.4.14)
      date
      net-protocol
    net-pop (0.1.2)
      net-protocol
    net-protocol (0.2.2)
      timeout
    net-smtp (0.5.0)
      net-protocol
    nio4r (2.7.3)
    nokogiri (1.16.7-arm64-darwin)
      racc (~> 1.4)
    notiffany (0.1.3)
      nenv (~> 0.1)
      shellany (~> 0.0)
    oauth2 (2.0.9)
      faraday (>= 0.17.3, < 3.0)
      jwt (>= 1.0, < 3.0)
      multi_xml (~> 0.5)
      rack (>= 1.2, < 4)
      snaky_hash (~> 2.0)
      version_gem (~> 1.1)
    omniauth (2.1.2)
      hashie (>= 3.4.6)
      rack (>= 2.2.3)
      rack-protection
    omniauth-google-oauth2 (1.1.2)
      jwt (>= 2.0)
      oauth2 (~> 2.0)
      omniauth (~> 2.0)
      omniauth-oauth2 (~> 1.8)
    omniauth-oauth2 (1.8.0)
      oauth2 (>= 1.4, < 3)
      omniauth (~> 2.0)
    omniauth-rails_csrf_protection (1.0.2)
      actionpack (>= 4.2)
      omniauth (~> 2.0)
    omniauth-saml (2.1.0)
      omniauth (~> 2.0)
      ruby-saml (~> 1.12)
    orm_adapter (0.5.0)
    parallel (1.25.1)
    parser (3.3.4.0)
      ast (~> 2.4.1)
      racc
    pg (1.5.7)
    prism (0.30.0)
    pry (0.14.2)
      coderay (~> 1.1)
      method_source (~> 1.0)
    psych (5.1.2)
      stringio
    public_suffix (6.0.1)
    puma (6.4.2)
      nio4r (~> 2.0)
    pwned (2.4.1)
    racc (1.8.1)
    rack (3.1.7)
    rack-mini-profiler (3.3.1)
      rack (>= 1.2.0)
    rack-protection (4.0.0)
      base64 (>= 0.1.0)
      rack (>= 3.0.0, < 4)
    rack-session (2.0.0)
      rack (>= 3.0.0)
    rack-test (2.1.0)
      rack (>= 1.3)
    rackup (2.1.0)
      rack (>= 3)
      webrick (~> 1.8)
    rails (7.2.0.rc1)
      actioncable (= 7.2.0.rc1)
      actionmailbox (= 7.2.0.rc1)
      actionmailer (= 7.2.0.rc1)
      actionpack (= 7.2.0.rc1)
      actiontext (= 7.2.0.rc1)
      actionview (= 7.2.0.rc1)
      activejob (= 7.2.0.rc1)
      activemodel (= 7.2.0.rc1)
      activerecord (= 7.2.0.rc1)
      activestorage (= 7.2.0.rc1)
      activesupport (= 7.2.0.rc1)
      bundler (>= 1.15.0)
      railties (= 7.2.0.rc1)
    rails-dom-testing (2.2.0)
      activesupport (>= 5.0.0)
      minitest
      nokogiri (>= 1.6)
    rails-erd (1.7.2)
      activerecord (>= 4.2)
      activesupport (>= 4.2)
      choice (~> 0.2.0)
      ruby-graphviz (~> 1.2)
    rails-html-sanitizer (1.6.0)
      loofah (~> 2.21)
      nokogiri (~> 1.14)
    rails_real_favicon (0.1.1)
      json (>= 1.7, < 3)
      rails
      rubyzip (~> 2)
    railties (7.2.0.rc1)
      actionpack (= 7.2.0.rc1)
      activesupport (= 7.2.0.rc1)
      irb (~> 1.13)
      rackup (>= 1.0.0)
      rake (>= 12.2)
      thor (~> 1.0, >= 1.2.2)
      zeitwerk (~> 2.6)
    rainbow (3.1.1)
    rake (13.2.1)
    rb-fsevent (0.11.2)
    rb-inotify (0.11.1)
      ffi (~> 1.0)
    rbs (3.5.2)
      logger
    rdoc (6.7.0)
      psych (>= 4.0.0)
    redis (4.8.1)
    regexp_parser (2.9.2)
    reline (0.5.9)
      io-console (~> 0.5)
    responders (3.1.1)
      actionpack (>= 5.2)
      railties (>= 5.2)
    rexml (3.3.4)
      strscan
    rspec (3.13.0)
      rspec-core (~> 3.13.0)
      rspec-expectations (~> 3.13.0)
      rspec-mocks (~> 3.13.0)
    rspec-core (3.13.0)
      rspec-support (~> 3.13.0)
    rspec-expectations (3.13.1)
      diff-lcs (>= 1.2.0, < 2.0)
      rspec-support (~> 3.13.0)
    rspec-mocks (3.13.1)
      diff-lcs (>= 1.2.0, < 2.0)
      rspec-support (~> 3.13.0)
    rspec-rails (6.1.3)
      actionpack (>= 6.1)
      activesupport (>= 6.1)
      railties (>= 6.1)
      rspec-core (~> 3.13)
      rspec-expectations (~> 3.13)
      rspec-mocks (~> 3.13)
      rspec-support (~> 3.13)
    rspec-support (3.13.1)
    rubocop (1.64.1)
      json (~> 2.3)
      language_server-protocol (>= 3.17.0)
      parallel (~> 1.10)
      parser (>= 3.3.0.2)
      rainbow (>= 2.2.2, < 4.0)
      regexp_parser (>= 1.8, < 3.0)
      rexml (>= 3.2.5, < 4.0)
      rubocop-ast (>= 1.31.1, < 2.0)
      ruby-progressbar (~> 1.7)
      unicode-display_width (>= 2.4.0, < 3.0)
    rubocop-ast (1.32.0)
      parser (>= 3.3.1.0)
    rubocop-performance (1.21.1)
      rubocop (>= 1.48.1, < 2.0)
      rubocop-ast (>= 1.31.1, < 2.0)
    ruby-graphviz (1.2.5)
      rexml
    ruby-lsp (0.17.11)
      language_server-protocol (~> 3.17.0)
      prism (>= 0.29.0, < 0.31)
      rbs (>= 3, < 4)
      sorbet-runtime (>= 0.5.10782)
    ruby-lsp-rails (0.3.11)
      ruby-lsp (>= 0.17.2, < 0.18.0)
    ruby-progressbar (1.13.0)
    ruby-saml (1.16.0)
      nokogiri (>= 1.13.10)
      rexml
    ruby-vips (2.2.2)
      ffi (~> 1.12)
      logger
    rubyzip (2.3.2)
    securerandom (0.3.1)
    selenium-webdriver (4.23.0)
      base64 (~> 0.2)
      logger (~> 1.4)
      rexml (~> 3.2, >= 3.2.5)
      rubyzip (>= 1.2.2, < 3.0)
      websocket (~> 1.0)
    shellany (0.0.1)
    snaky_hash (2.0.1)
      hashie
      version_gem (~> 1.1, >= 1.1.1)
    sorbet-runtime (0.5.11511)
    sprockets (4.2.1)
      concurrent-ruby (~> 1.0)
      rack (>= 2.2.4, < 4)
    sprockets-rails (3.5.2)
      actionpack (>= 6.1)
      activesupport (>= 6.1)
      sprockets (>= 3.0.0)
    standard (1.39.2)
      language_server-protocol (~> 3.17.0.2)
      lint_roller (~> 1.0)
      rubocop (~> 1.64.0)
      standard-custom (~> 1.0.0)
      standard-performance (~> 1.4)
    standard-custom (1.0.2)
      lint_roller (~> 1.0)
      rubocop (~> 1.50)
    standard-performance (1.4.0)
      lint_roller (~> 1.1)
      rubocop-performance (~> 1.21.0)
    stimulus-rails (1.3.3)
      railties (>= 6.0.0)
    stringio (3.1.1)
    strscan (3.1.0)
    tailwindcss-rails (2.7.0-arm64-darwin)
      railties (>= 7.0.0)
    thor (1.3.1)
    thread_safe (0.3.6)
    timeout (0.4.1)
    turbo-rails (2.0.6)
      actionpack (>= 6.0.0)
      activejob (>= 6.0.0)
      railties (>= 6.0.0)
    tzinfo (2.0.6)
      concurrent-ruby (~> 1.0)
    unicode-display_width (2.5.0)
    uniform_notifier (1.16.0)
    uri (0.13.0)
    useragent (0.16.10)
    valid_email2 (5.2.5)
      activemodel (>= 3.2)
      mail (~> 2.5)
    version_gem (1.1.4)
    virtus (2.0.0)
      axiom-types (~> 0.1)
      coercible (~> 1.0)
      descendants_tracker (~> 0.0, >= 0.0.3)
    warden (1.2.9)
      rack (>= 2.0.9)
    watir (7.3.0)
      regexp_parser (>= 1.2, < 3)
      selenium-webdriver (~> 4.2)
    web-console (4.2.1)
      actionview (>= 6.0.0)
      activemodel (>= 6.0.0)
      bindex (>= 0.4.0)
      railties (>= 6.0.0)
    webrick (1.8.1)
    websocket (1.2.11)
    websocket-driver (0.7.6)
      websocket-extensions (>= 0.1.0)
    websocket-extensions (0.1.5)
    xpath (3.2.0)
      nokogiri (~> 1.8)
    zeitwerk (2.6.17)

PLATFORMS
  arm64-darwin-23

DEPENDENCIES
  acts_as_tenant
  annotate
  bootsnap
  bullet
  capybara
  capybara_accessibility_audit
  debug
  devise (~> 4.8)
  devise-pwned_password
  dotenv-rails
  factory_bot_rails
  ffaker
  guard-rspec
  honeybadger
  hotwire-livereload
  image_processing (~> 1.2)
  importmap-rails
  inline_svg
  jbuilder
  launchy
  letter_opener_web
  mini_magick
  nokogiri
  omniauth-google-oauth2
  omniauth-rails_csrf_protection
  omniauth-saml (~> 2.1)
  pg (~> 1.1)
  puma (>= 6.4.0)
  rack-mini-profiler
  rails (~> 7.2.0.rc.pre.1)
  rails-erd
  rails_real_favicon
  redis (~> 4.0)
  rspec-rails
  ruby-lsp
  ruby-lsp-rails
  selenium-webdriver
  sprockets-rails
  standard
  stimulus-rails
  tailwindcss-rails
  turbo-rails
  tzinfo-data
  valid_email2
  watir
  web-console

CHECKSUMS
  actioncable (7.2.0.rc1) sha256=653aabb62eccfcf2c058bcdbdb73cca39ee2c428056892d610a363fb3e38e0f7
  actionmailbox (7.2.0.rc1) sha256=3ea13e40ccd8d4de6e12e0ac07e0ef356233e8906ed133bf77b188fb3c77cd3b
  actionmailer (7.2.0.rc1) sha256=ffacb45c7293ab1d9674133c03b6a2b74b375063ed99b8015c451da94d7d3d9f
  actionpack (7.2.0.rc1) sha256=6676a56ed7c9782d45d1a3cec746f15c6e886768e9529b861f01a5b8589d75dd
  actiontext (7.2.0.rc1) sha256=15fb18574fb6989a80827bc0c9d8156561052fd58ada166a44038936758d0373
  actionview (7.2.0.rc1) sha256=bf9cbdfdc3159d5606d9107513b5ff4ba21f9f892048404b84cd1c36a877c3a8
  activejob (7.2.0.rc1) sha256=db1973232712ec1d74feb455e9768501f076ca6116b091cbf651edb1f8eb09bf
  activemodel (7.2.0.rc1) sha256=d340f5720e46bd8ecf19c7bb046601bc9fc4979b34ebe29c931a43b131a1578a
  activerecord (7.2.0.rc1) sha256=11d2aba74a56be47239956c42cc7a78db91ee1588c81ce5d5f661e78da771e20
  activestorage (7.2.0.rc1) sha256=210b26fb0684015048dfc3eb24513798acd617e5ce1ab888ac5d4fa23b85abb5
  activesupport (7.2.0.rc1) sha256=5a5b56bcf990d2f6f31319a80444d58ad31a223c659425cee60d0068f55afa64
  acts_as_tenant (1.0.1) sha256=6944e4d64533337938a8817a6b4ff9b11189c9dcc0b1333bb89f3821a4c14c53
  addressable (2.8.7) sha256=462986537cf3735ab5f3c0f557f14155d778f4b43ea4f485a9deb9c8f7c58232
  annotate (3.2.0) sha256=9a61baa1fb13880aa3a8d9f62553889bb2a3b7970f88bbc66d3ac75a567780d3
  ast (2.4.2) sha256=1e280232e6a33754cde542bc5ef85520b74db2aac73ec14acef453784447cc12
  axe-core-api (4.9.1) sha256=9ea7ac16bfee1cb3545345d210878aa8cccfb41b493e00fe1faab79af4d9fed8
  axiom-types (0.1.1) sha256=c1ff113f3de516fa195b2db7e0a9a95fd1b08475a502ff660d04507a09980383
  base64 (0.2.0) sha256=0f25e9b21a02a0cc0cea8ef92b2041035d39350946e8789c562b2d1a3da01507
  bcrypt (3.1.20) sha256=8410f8c7b3ed54a3c00cd2456bf13917d695117f033218e2483b2e40b0784099
  bigdecimal (3.1.8) sha256=a89467ed5a44f8ae01824af49cbc575871fa078332e8f77ea425725c1ffe27be
  bindex (0.8.1) sha256=7b1ecc9dc539ed8bccfc8cb4d2732046227b09d6f37582ff12e50a5047ceb17e
  bootsnap (1.18.4) sha256=ac4c42af397f7ee15521820198daeff545e4c360d2772c601fbdc2c07d92af55
  builder (3.3.0) sha256=497918d2f9dca528fdca4b88d84e4ef4387256d984b8154e9d5d3fe5a9c8835f
  bullet (7.2.0) sha256=3502c8a1b4f5db77fc8f6d3dd89a6a8c1a968219a45e12ae6cbaa9c09967ea89
  capybara (3.40.0) sha256=42dba720578ea1ca65fd7a41d163dd368502c191804558f6e0f71b391054aeef
  capybara_accessibility_audit (0.2.0) sha256=9b362865182fc9ba0d67b185fceb9f9b5ac9e28b1390fa070914297e7c23ad89
  childprocess (5.1.0) sha256=9a8d484be2fd4096a0e90a0cd3e449a05bc3aa33f8ac9e4d6dcef6ac1455b6ec
  choice (0.2.0) sha256=a19617f7dfd4921b38a85d0616446620de685a113ec6d1ecc85bdb67bf38c974
  coderay (1.1.3) sha256=dc530018a4684512f8f38143cd2a096c9f02a1fc2459edcfe534787a7fc77d4b
  coercible (1.0.0) sha256=5081ad24352cc8435ce5472bc2faa30260c7ea7f2102cc6a9f167c4d9bffaadc
  concurrent-ruby (1.3.3) sha256=4f9cd28965c4dcf83ffd3ea7304f9323277be8525819cb18a3b61edcb56a7c6a
  connection_pool (2.4.1) sha256=0f40cf997091f1f04ff66da67eabd61a9fe0d4928b9a3645228532512fab62f4
  crass (1.0.6) sha256=dc516022a56e7b3b156099abc81b6d2b08ea1ed12676ac7a5657617f012bd45d
  date (3.3.4) sha256=971f2cb66b945bcbea4ddd9c7908c9400b31a71bc316833cb42fa584b59d3291
  debug (1.9.2) sha256=48e026c0852c7a10c60263e2e527968308958e266231e36d64e3efcabec7e7fc
  descendants_tracker (0.0.4) sha256=e9c41dd4cfbb85829a9301ea7e7c48c2a03b26f09319db230e6479ccdc780897
  devise (4.9.4) sha256=920042fe5e704c548aa4eb65ebdd65980b83ffae67feb32c697206bfd975a7f8
  devise-pwned_password (0.1.12) sha256=876452466634560a79910a1f22ef467f656e95e746c77d8266d70345b2279672
  diff-lcs (1.5.1) sha256=273223dfb40685548436d32b4733aa67351769c7dea621da7d9dd4813e63ddfe
  dotenv (3.1.2) sha256=08036c2aa1246590034a83df2adc85b72cb4944692c49da24d8e911f97924478
  dotenv-rails (3.1.2) sha256=66d2ad1a5aca1de742dd8ec2ceed2148675c73617a3b8d7703ef86ed47ca5d6a
  drb (2.2.1) sha256=e9d472bf785f558b96b25358bae115646da0dbfd45107ad858b0bc0d935cb340
  dumb_delegator (1.0.0) sha256=ff5e411816d2d8ad8e260b269e712ae3839dddb0f9f8e18d3b1a3fe08f6d2e94
  erubi (1.13.0) sha256=fca61b47daefd865d0fb50d168634f27ad40181867445badf6427c459c33cd62
  factory_bot (6.4.6) sha256=1a9486ce98d318d740d8f5804b885a8265a28f326ecf2bcd4ce9fb27a71a6e04
  factory_bot_rails (6.4.3) sha256=ea73ceac1c0ff3dc11fff390bf2ea8a2604066525ed8ecd3b3bc2c267226dcc8
  faraday (2.10.1) sha256=6bc9fba3f6191684449d94215195b2c43e2a07bd40b321d245881450923d9a80
  faraday-net_http (3.1.1) sha256=da93f0f426f4de2c09af0a9a95887726da7889b76eca2a2aff0ce5e66e768938
  ffaker (2.23.0) sha256=9d2dfb5cc284a92c8571bddcbe0c573127a2f3238f4b0aa56e08ccf3e4858498
  ffi (1.17.0-arm64-darwin) sha256=609c874e76614542c6d485b0576e42a7a38ffcdf086612f9a300c4ec3fcd0d12
  formatador (1.1.0) sha256=54e23e2af4d60bb9327c7fac62b29968e4cf28cee0111f726d0bdeadc85e06d0
  globalid (1.2.1) sha256=70bf76711871f843dbba72beb8613229a49429d1866828476f9c9d6ccc327ce9
  guard (2.18.1) sha256=a3893d3b23d538a9b2d6f05a27713e0ed53ea881df0f0550b21a3393c6d87c09
  guard-compat (1.2.1) sha256=3ad21ab0070107f92edfd82610b5cdc2fb8e368851e72362ada9703443d646fe
  guard-rspec (4.7.3) sha256=a47ba03cbd1e3c71e6ae8645cea97e203098a248aede507461a43e906e2f75ca
  hashie (5.0.0) sha256=9d6c4e51f2a36d4616cbc8a322d619a162d8f42815a792596039fc95595603da
  honeybadger (5.15.5) sha256=88181b9425951906c92c2b94f8807a575aff6e0f05f0059a2d18d51dbf849fd7
  hotwire-livereload (1.4.0) sha256=691a2a2d784a427696f094209ea7beadaa449c9bb894e376ef0f33ed4c6b3a4d
  i18n (1.14.5) sha256=26dcbc05e364b57e27ab430148b3377bc413987d34cc042336271d8f42e9d1b9
  ice_nine (0.11.2) sha256=5d506a7d2723d5592dc121b9928e4931742730131f22a1a37649df1c1e2e63db
  image_processing (1.13.0) sha256=71cffe2707573b16a4800b10619dc851add8cf9e667931ae900b7cac1d9cdd65
  importmap-rails (2.0.1) sha256=e739a6e70c09f797688c6983fa79567ec1edc9becc30d55b3f7cc897b1825586
  inline_svg (1.9.0) sha256=f44c5e3d2e401fd619ad3047b7c8cee384517d855edb1d1fb1a248d3cae535d6
  io-console (0.7.2) sha256=f0dccff252f877a4f60d04a4dc6b442b185ebffb4b320ab69212a92b48a7a221
  irb (1.14.0) sha256=53d805013bbd194874b8c13a56aca6aebcd11dd79166d88724f8a434fedde615
  jbuilder (2.12.0) sha256=47e9be3240b8901cabbbfa2191a2a87fcab01630816fb8b979e787cf268726d2
  json (2.7.2) sha256=1898b5cbc81cd36c0fd4d0b7ad2682c39fb07c5ff682fc6265f678f550d4982c
  jwt (2.8.2) sha256=5a9877315e224d551785560870287267088eedfec02d5239664def148d18bc12
  language_server-protocol (3.17.0.3) sha256=3d5c58c02f44a20d972957a9febe386d7e7468ab3900ce6bd2b563dd910c6b3f
  launchy (3.0.1) sha256=b7fa60bda0197cf57614e271a250a8ca1f6a34ab889a3c73f67ec5d57c8a7f2c
  letter_opener (1.10.0) sha256=2ff33f2e3b5c3c26d1959be54b395c086ca6d44826e8bf41a14ff96fdf1bdbb2
  letter_opener_web (3.0.0) sha256=3f391efe0e8b9b24becfab5537dfb17a5cf5eb532038f947daab58cb4b749860
  lint_roller (1.1.0) sha256=2c0c845b632a7d172cb849cc90c1bce937a28c5c8ccccb50dfd46a485003cc87
  listen (3.9.0) sha256=db9e4424e0e5834480385197c139cb6b0ae0ef28cc13310cfd1ca78377d59c67
  logger (1.6.0) sha256=0ab7c120262dd8de2a18cb8d377f1f318cbe98535160a508af9e7710ff43ef3e
  loofah (2.22.0) sha256=10d76e070c86b12fec74b6a9515fd1940f4459198b991342d0a7897d86c372fe
  lumberjack (1.2.10) sha256=bbfe951629341095028ecbf1ad496b58bec3f8bcad6fe35a203a377839c42b6c
  mail (2.8.1) sha256=ec3b9fadcf2b3755c78785cb17bc9a0ca9ee9857108a64b6f5cfc9c0b5bfc9ad
  marcel (1.0.4) sha256=0d5649feb64b8f19f3d3468b96c680bae9746335d02194270287868a661516a4
  matrix (0.4.2) sha256=71083ccbd67a14a43bfa78d3e4dc0f4b503b9cc18e5b4b1d686dc0f9ef7c4cc0
  method_source (1.1.0) sha256=181301c9c45b731b4769bc81e8860e72f9161ad7d66dd99103c9ab84f560f5c5
  mini_magick (4.13.2) sha256=71d6258e0e8a3d04a9a0a09784d5d857b403a198a51dd4f882510435eb95ddd9
  mini_mime (1.1.5) sha256=8681b7e2e4215f2a159f9400b5816d85e9d8c6c6b491e96a12797e798f8bccef
  minitest (5.24.1) sha256=31ec31ac9088d9e21fcc5a5487912234de83966f24368241b2bef03d7012464a
  msgpack (1.7.2) sha256=59ab62fd8a4d0dfbde45009f87eb6f158ab2628a7c48886b0256f175166baaa8
  multi_xml (0.7.1) sha256=4fce100c68af588ff91b8ba90a0bb3f0466f06c909f21a32f4962059140ba61b
  nenv (0.3.0) sha256=d9de6d8fb7072228463bf61843159419c969edb34b3cef51832b516ae7972765
  net-http (0.4.1) sha256=a96efc5ea18bcb9715e24dda4159d10f67ff0345c8a980d04630028055b2c282
  net-imap (0.4.14) sha256=a2184b3f09a4f7ca27998d113fd6df8cd0dd56b91e5bf0d6387b8350bb438065
  net-pop (0.1.2) sha256=848b4e982013c15b2f0382792268763b748cce91c9e91e36b0f27ed26420dff3
  net-protocol (0.2.2) sha256=aa73e0cba6a125369de9837b8d8ef82a61849360eba0521900e2c3713aa162a8
  net-smtp (0.5.0) sha256=5fc0415e6ea1cc0b3dfea7270438ec22b278ca8d524986a3ae4e5ae8d087b42a
  nio4r (2.7.3) sha256=54b94cdd4b8f9dc39aaad5f699e97afae13efb44f2b180a6e724df76105ff604
  nokogiri (1.16.7-arm64-darwin) sha256=276dcea1b988a5b22b5acc1ba901d24b8e908c40b71dccd5d54a2ae279480dad
  notiffany (0.1.3) sha256=d37669605b7f8dcb04e004e6373e2a780b98c776f8eb503ac9578557d7808738
  oauth2 (2.0.9) sha256=b21f9defcf52dc1610e0dfab4c868342173dcd707fd15c777d9f4f04e153f7fb
  omniauth (2.1.2) sha256=def03277298b8f8a5d3ff16cdb2eb5edb9bffed60ee7dda24cc0c89b3ae6a0ce
  omniauth-google-oauth2 (1.1.2) sha256=cd205b9b60f4f2c4805f1c6b548eebd3e843d049e1029b7e0b90fb8d6e5f310c
  omniauth-oauth2 (1.8.0) sha256=b2f8e9559cc7e2d4efba57607691d6d2b634b879fc5b5b6ccfefa3da85089e78
  omniauth-rails_csrf_protection (1.0.2) sha256=1170fd672aff092b9b7ebebc1453559f073ed001e3ce62a1df616e32f8dc5fe0
  omniauth-saml (2.1.0) sha256=969cb7ba271891d09dfa57b206fc274f43203c52727492517decda93decc6906
  orm_adapter (0.5.0) sha256=aa5d0be5d540cbb46d3a93e88061f4ece6a25f6e97d6a47122beb84fe595e9b9
  parallel (1.25.1) sha256=12e089b9aa36ea2343f6e93f18cfcebd031798253db8260590d26a7f70b1ab90
  parser (3.3.4.0) sha256=8d247769c3873fe92201d591a7463384022a1a25e214853df5d6806623179e82
  pg (1.5.7) sha256=07a7d86e5aac8b964a0288076a7a7c699c27b25c9b40b001726f6eb03ed13427
  prism (0.30.0) sha256=59b0ad8cf2f13f53c43b3b8fce2b4277691c246ffb8b6165b68e9bdf3a5b4916
  pry (0.14.2) sha256=c4fe54efedaca1d351280b45b8849af363184696fcac1c72e0415f9bdac4334d
  psych (5.1.2) sha256=337322f58fc2bf24827d2b9bd5ab595f6a72971867d151bb39980060ea40a368
  public_suffix (6.0.1) sha256=61d44e1cab5cbbbe5b31068481cf16976dd0dc1b6b07bd95617ef8c5e3e00c6f
  puma (6.4.2) sha256=3eb41999d00733280be3faeb00d610331b6965a537a8cd3d905f316c38575b44
  pwned (2.4.1) sha256=e375b45e1cd78aded2c923737f75e09e64bc66582142c144bd85f4ce1fa0955d
  racc (1.8.1) sha256=4a7f6929691dbec8b5209a0b373bc2614882b55fc5d2e447a21aaa691303d62f
  rack (3.1.7) sha256=0e9982db4ea9013326788ca2a7f48e32a4e746765e7c3512d424ef0dd22ae58b
  rack-mini-profiler (3.3.1) sha256=2bf0de7d5795f54581e453b248e42cc50e8d0529efac73828653a9ad2407a801
  rack-protection (4.0.0) sha256=d0db6185caa46a8c0d134c2c6b4803f4f392a67b2984da311409cb505f67bbf6
  rack-session (2.0.0) sha256=db04b2063e180369192a9046b4559af311990af38c6a93d4c600cee4eb6d4e81
  rack-test (2.1.0) sha256=0c61fc61904049d691922ea4bb99e28004ed3f43aa5cfd495024cc345f125dfb
  rackup (2.1.0) sha256=6ecb884a581990332e45ee17bdfdc14ccbee46c2f710ae1566019907869a6c4d
  rails (7.2.0.rc1) sha256=b587619ade3ba394e185b31a6159b368b9f8f0eb57906d66ebeeb2d129709c1f
  rails-dom-testing (2.2.0) sha256=e515712e48df1f687a1d7c380fd7b07b8558faa26464474da64183a7426fa93b
  rails-erd (1.7.2) sha256=0b17d0fba25d319d8da8af7a3e5e2149d02d6187cc7351e8be43423f07c48bcd
  rails-html-sanitizer (1.6.0) sha256=86e9f19d2e6748890dcc2633c8945ca45baa08a1df9d8c215ce17b3b0afaa4de
  rails_real_favicon (0.1.1) sha256=f71e5575f3bf1944732417a98e2014017831e1845c4e6ffd31bc6adadbe32a94
  railties (7.2.0.rc1) sha256=e3341066d74fa9ef845fee39924eb6f6391584c3c6309a167b7098668d8f4ece
  rainbow (3.1.1) sha256=039491aa3a89f42efa1d6dec2fc4e62ede96eb6acd95e52f1ad581182b79bc6a
  rake (13.2.1) sha256=46cb38dae65d7d74b6020a4ac9d48afed8eb8149c040eccf0523bec91907059d
  rb-fsevent (0.11.2) sha256=43900b972e7301d6570f64b850a5aa67833ee7d87b458ee92805d56b7318aefe
  rb-inotify (0.11.1) sha256=a0a700441239b0ff18eb65e3866236cd78613d6b9f78fea1f9ac47a85e47be6e
  rbs (3.5.2) sha256=ac4a0ff5de832402fc30324028e00c3e8914af3de0abcba7a5cf21d38602f3bb
  rdoc (6.7.0) sha256=b17d5f0f57b0853d7b880d4360a32c7caf8dbb81f8503a36426df809e617f379
  redis (4.8.1) sha256=387ee086694fffc9632aaeb1efe4a7b1627ca783bf373320346a8a20cd93333a
  regexp_parser (2.9.2) sha256=5a27e767ad634f8a4b544520d5cd28a0db7aa1198a5d7c9d7e11d7b3d9066446
  reline (0.5.9) sha256=5d2dd7ed0fd078e79a05e4eaa47dc91b8dacec7358e9e1dd6d9c4636cff7d378
  responders (3.1.1) sha256=92f2a87e09028347368639cfb468f5fefa745cb0dc2377ef060db1cdd79a341a
  rexml (3.3.4) sha256=ea9176276a71f8475378299ec5f7257eaedd17d561a5d3dec0284a1467725b51
  rspec (3.13.0) sha256=d490914ac1d5a5a64a0e1400c1d54ddd2a501324d703b8cfe83f458337bab993
  rspec-core (3.13.0) sha256=557792b4e88da883d580342b263d9652b6a10a12d5bda9ef967b01a48f15454c
  rspec-expectations (3.13.1) sha256=814cf8dadc797b00be55a84d7bc390c082735e5c914e62cbe8d0e19774b74200
  rspec-mocks (3.13.1) sha256=087189899c337937bcf1d66a50dc3fc999ac88335bbeba4d385c2a38c87d7b38
  rspec-rails (6.1.3) sha256=dc23386e9ddb9b750456d77bf88228100d5dd9812690380984ec1ba4aadf1c5b
  rspec-support (3.13.1) sha256=48877d4f15b772b7538f3693c22225f2eda490ba65a0515c4e7cf6f2f17de70f
  rubocop (1.64.1) sha256=3145bf1863771e400a1c041060e751e5ff0edd9ceb99d01df36db1902f611f3b
  rubocop-ast (1.32.0) sha256=ecff238ff339b12e1f2a857833a5f9024aa91085516f5eb9c3027f7164908629
  rubocop-performance (1.21.1) sha256=5cf20002a544275ad6aa99abca4b945d2a2ed71be925c38fe83700360ed8734e
  ruby-graphviz (1.2.5) sha256=1c2bb44e3f6da9e2b829f5e7fd8d75a521485fb6b4d1fc66ff0f93f906121504
  ruby-lsp (0.17.11) sha256=48943a00b1185e3d112540f8d2abb0c38cc5a73ffd7e1fe44a77c2dd7e053fca
  ruby-lsp-rails (0.3.11) sha256=3e1ec475dcdfefc70c4e06af717aa9d14a0969bf154ecfb5fad32031b4f9e163
  ruby-progressbar (1.13.0) sha256=80fc9c47a9b640d6834e0dc7b3c94c9df37f08cb072b7761e4a71e22cff29b33
  ruby-saml (1.16.0) sha256=9dcf3a7fbc38e61d83329a9d64e51ea7190f00f40e2deeefa63ed81e7eb57061
  ruby-vips (2.2.2) sha256=af5be8e9f2857a98424d7606ecfc2c21c5e107d0802915190dcc093f56e4dd5b
  rubyzip (2.3.2) sha256=3f57e3935dc2255c414484fbf8d673b4909d8a6a57007ed754dde39342d2373f
  securerandom (0.3.1) sha256=98f0450c0ea46d2f9a4b6db4f391dbd83dc08049592eada155739f40e0341bde
  selenium-webdriver (4.23.0) sha256=490aeddee879cfea58a4db6628338d60a905bc56cd5e1a60dfbaa9090a19b801
  shellany (0.0.1) sha256=0e127a9132698766d7e752e82cdac8250b6adbd09e6c0a7fbbb6f61964fedee7
  snaky_hash (2.0.1) sha256=1ac87ec157fcfe7a460e821e0cd48ae1e6f5e3e082ab520f03f31a9259dbdc31
  sorbet-runtime (0.5.11511) sha256=b5641c1175446a0062347a908d056d709325b391016ff6b68c79111e6d57aab4
  sprockets (4.2.1) sha256=951b13dd2f2fcae840a7184722689a803e0ff9d2702d902bd844b196da773f97
  sprockets-rails (3.5.2) sha256=a9e88e6ce9f8c912d349aa5401509165ec42326baf9e942a85de4b76dbc4119e
  standard (1.39.2) sha256=a327312ea9057da468cf1bdbec7479479fa2ad64ffbef7304747a6f8f86cabf9
  standard-custom (1.0.2) sha256=424adc84179a074f1a2a309bb9cf7cd6bfdb2b6541f20c6bf9436c0ba22a652b
  standard-performance (1.4.0) sha256=de9f72b65964826cd55db59e51916d969b19ca2c62b12727cbc763cf256fa194
  stimulus-rails (1.3.3) sha256=4d1f9ab1d64e605f4c9cdd4cc530a9538b510606d32d02249d106256845c562c
  stringio (3.1.1) sha256=53456e14175c594e0e8eb2206a1be33f3974d4fe21c131e628908b05c8c2ae1e
  strscan (3.1.0) sha256=01b8a81d214fbf7b5308c6fb51b5972bbfc4a6aa1f166fd3618ba97e0fcd5555
  tailwindcss-rails (2.7.0-arm64-darwin) sha256=e36e0a74587e60578dce642ea765d4dcc7fd0bbf8840acadd295aa6e3b6b9084
  thor (1.3.1) sha256=fa7e3471d4f6a27138e3d9c9b0d4daac9c3d7383927667ae83e9ab42ae7401ef
  thread_safe (0.3.6) sha256=9ed7072821b51c57e8d6b7011a8e282e25aeea3a4065eab326e43f66f063b05a
  timeout (0.4.1) sha256=6f1f4edd4bca28cffa59501733a94215407c6960bd2107331f0280d4abdebb9a
  turbo-rails (2.0.6) sha256=e5fd7b2fd11d24f202c5d33597d291767491b9938563d4edbd4a174166eba35b
  tzinfo (2.0.6) sha256=8daf828cc77bcf7d63b0e3bdb6caa47e2272dcfaf4fbfe46f8c3a9df087a829b
  unicode-display_width (2.5.0) sha256=7e7681dcade1add70cb9fda20dd77f300b8587c81ebbd165d14fd93144ff0ab4
  uniform_notifier (1.16.0) sha256=99b39ee4a0864e3b49f375b5e5803eb26d35ed6eb1719c96407573a87bc4dbb5
  uri (0.13.0) sha256=26553c2a9399762e1e8bebd4444b4361c4b21298cf1c864b22eeabc9c4998f24
  useragent (0.16.10) sha256=1794380d9ea5c087d687bbfe14752f81839293f238c1132ef05c9344f09e65bb
  valid_email2 (5.2.5) sha256=3393542a3377653bfe0b457ca25d31131622d1ebaee2c9fce72d4a0aa37378fd
  version_gem (1.1.4) sha256=c69752c6d6a9446ad21a030661a988ba10ba05c1ad249532332ecc7efa534621
  virtus (2.0.0) sha256=8841dae4eb7fcc097320ba5ea516bf1839e5d056c61ee27138aa4bddd6e3d1c2
  warden (1.2.9) sha256=46684f885d35a69dbb883deabf85a222c8e427a957804719e143005df7a1efd0
  watir (7.3.0) sha256=9aabb3f64c8be912745863743ab9cbdb3f750f431df21b2360b517850692e46f
  web-console (4.2.1) sha256=e7bcf37a10ea2b4ec4281649d1cee461b32232d0a447e82c786e6841fd22fe20
  webrick (1.8.1) sha256=19411ec6912911fd3df13559110127ea2badd0c035f7762873f58afc803e158f
  websocket (1.2.11) sha256=b7e7a74e2410b5e85c25858b26b3322f29161e300935f70a0e0d3c35e0462737
  websocket-driver (0.7.6) sha256=f69400be7bc197879726ad8e6f5869a61823147372fd8928836a53c2c741d0db
  websocket-extensions (0.1.5) sha256=1c6ba63092cda343eb53fc657110c71c754c56484aad42578495227d717a8241
  xpath (3.2.0) sha256=6dfda79d91bb3b949b947ecc5919f042ef2f399b904013eb3ef6d20dd3a4082e
  zeitwerk (2.6.17) sha256=0895160c92ea5ffc88c38556fbbca798b61164daca97461ab5f47b8a07fb2aac

RUBY VERSION
   ruby 3.3.4p94

BUNDLED WITH
   2.5.16
