GEM
  remote: https://rubygems.org/
  specs:
    actioncable (7.1.2)
      actionpack (= 7.1.2)
      activesupport (= 7.1.2)
      nio4r (~> 2.0)
      websocket-driver (>= 0.6.1)
      zeitwerk (~> 2.6)
    actionmailbox (7.1.2)
      actionpack (= 7.1.2)
      activejob (= 7.1.2)
      activerecord (= 7.1.2)
      activestorage (= 7.1.2)
      activesupport (= 7.1.2)
      mail (>= 2.7.1)
      net-imap
      net-pop
      net-smtp
    actionmailer (7.1.2)
      actionpack (= 7.1.2)
      actionview (= 7.1.2)
      activejob (= 7.1.2)
      activesupport (= 7.1.2)
      mail (~> 2.5, >= 2.5.4)
      net-imap
      net-pop
      net-smtp
      rails-dom-testing (~> 2.2)
    actionpack (7.1.2)
      actionview (= 7.1.2)
      activesupport (= 7.1.2)
      nokogiri (>= 1.8.5)
      racc
      rack (>= 2.2.4)
      rack-session (>= 1.0.1)
      rack-test (>= 0.6.3)
      rails-dom-testing (~> 2.2)
      rails-html-sanitizer (~> 1.6)
    actiontext (7.1.2)
      actionpack (= 7.1.2)
      activerecord (= 7.1.2)
      activestorage (= 7.1.2)
      activesupport (= 7.1.2)
      globalid (>= 0.6.0)
      nokogiri (>= 1.8.5)
    actionview (7.1.2)
      activesupport (= 7.1.2)
      builder (~> 3.1)
      erubi (~> 1.11)
      rails-dom-testing (~> 2.2)
      rails-html-sanitizer (~> 1.6)
    activejob (7.1.2)
      activesupport (= 7.1.2)
      globalid (>= 0.3.6)
    activemodel (7.1.2)
      activesupport (= 7.1.2)
    activerecord (7.1.2)
      activemodel (= 7.1.2)
      activesupport (= 7.1.2)
      timeout (>= 0.4.0)
    activestorage (7.1.2)
      actionpack (= 7.1.2)
      activejob (= 7.1.2)
      activerecord (= 7.1.2)
      activesupport (= 7.1.2)
      marcel (~> 1.0)
    activesupport (7.1.2)
      base64
      bigdecimal
      concurrent-ruby (~> 1.0, >= 1.0.2)
      connection_pool (>= 2.2.5)
      drb
      i18n (>= 1.6, < 2)
      minitest (>= 5.1)
      mutex_m
      tzinfo (~> 2.0)
    acts_as_tenant (0.6.1)
      rails (>= 5.2)
      request_store (>= 1.0.5)
    addressable (2.8.5)
      public_suffix (>= 2.0.2, < 6.0)
    annotate (3.2.0)
      activerecord (>= 3.2, < 8.0)
      rake (>= 10.4, < 14.0)
    ast (2.4.2)
    base64 (0.2.0)
    bcrypt (3.1.20)
    bigdecimal (3.1.5)
    bindex (0.8.1)
    bootsnap (1.17.0)
      msgpack (~> 1.2)
    builder (3.2.4)
    bullet (7.1.4)
      activesupport (>= 3.0.0)
      uniform_notifier (~> 1.11)
    capybara (3.39.2)
      addressable
      matrix
      mini_mime (>= 0.1.3)
      nokogiri (~> 1.8)
      rack (>= 1.6.0)
      rack-test (>= 0.6.3)
      regexp_parser (>= 1.5, < 3.0)
      xpath (~> 3.2)
    choice (0.2.0)
    coderay (1.1.3)
    concurrent-ruby (1.2.2)
    connection_pool (2.4.1)
    crass (1.0.6)
    date (3.3.4)
    debug (1.8.0)
      irb (>= 1.5.0)
      reline (>= 0.3.1)
    devise (4.9.3)
      bcrypt (~> 3.0)
      orm_adapter (~> 0.1)
      railties (>= 4.1.0)
      responders
      warden (~> 1.2.3)
    devise-pwned_password (0.1.10)
      devise (~> 4)
      pwned (~> 2.0.0)
    diff-lcs (1.5.0)
    drb (2.2.0)
      ruby2_keywords
    erubi (1.12.0)
    faraday (2.7.12)
      base64
      faraday-net_http (>= 2.0, < 3.1)
      ruby2_keywords (>= 0.0.4)
    faraday-net_http (3.0.2)
    ffi (1.16.3)
    formatador (1.1.0)
    globalid (1.2.1)
      activesupport (>= 6.1)
    guard (2.18.1)
      formatador (>= 0.2.4)
      listen (>= 2.7, < 4.0)
      lumberjack (>= 1.0.12, < 2.0)
      nenv (~> 0.1)
      notiffany (~> 0.0)
      pry (>= 0.13.0)
      shellany (~> 0.0)
      thor (>= 0.18.1)
    guard-compat (1.2.1)
    guard-rspec (4.7.3)
      guard (~> 2.1)
      guard-compat (~> 1.1)
      rspec (>= 2.99.0, < 4.0)
    hashie (5.0.0)
    honeybadger (5.3.0)
    hotwire-livereload (1.3.0)
      actioncable (>= 6.0.0)
      listen (>= 3.0.0)
      railties (>= 6.0.0)
    i18n (1.14.1)
      concurrent-ruby (~> 1.0)
    image_processing (1.12.2)
      mini_magick (>= 4.9.5, < 5)
      ruby-vips (>= 2.0.17, < 3)
    importmap-rails (1.2.3)
      actionpack (>= 6.0.0)
      activesupport (>= 6.0.0)
      railties (>= 6.0.0)
    inline_svg (1.9.0)
      activesupport (>= 3.0)
      nokogiri (>= 1.6)
    io-console (0.6.0)
    irb (1.9.1)
      rdoc
      reline (>= 0.3.8)
    jbuilder (2.11.5)
      actionview (>= 5.0.0)
      activesupport (>= 5.0.0)
    json (2.6.3)
    jwt (2.7.1)
    language_server-protocol (3.17.0.3)
    launchy (2.5.2)
      addressable (~> 2.8)
    letter_opener (1.8.1)
      launchy (>= 2.2, < 3)
    letter_opener_web (2.0.0)
      actionmailer (>= 5.2)
      letter_opener (~> 1.7)
      railties (>= 5.2)
      rexml
    lint_roller (1.1.0)
    listen (3.8.0)
      rb-fsevent (~> 0.10, >= 0.10.3)
      rb-inotify (~> 0.9, >= 0.9.10)
    loofah (2.22.0)
      crass (~> 1.0.2)
      nokogiri (>= 1.12.0)
    lumberjack (1.2.10)
    mail (2.8.1)
      mini_mime (>= 0.1.1)
      net-imap
      net-pop
      net-smtp
    marcel (1.0.2)
    matrix (0.4.2)
    method_source (1.0.0)
    mini_magick (4.12.0)
    mini_mime (1.1.5)
    mini_portile2 (2.8.5)
    minitest (5.20.0)
    msgpack (1.7.2)
    multi_xml (0.6.0)
    mutex_m (0.2.0)
    nenv (0.3.0)
    net-imap (0.4.6)
      date
      net-protocol
    net-pop (0.1.2)
      net-protocol
    net-protocol (0.2.2)
      timeout
    net-smtp (0.4.0)
      net-protocol
    nio4r (2.6.1)
    nokogiri (1.15.5)
      mini_portile2 (~> 2.8.2)
      racc (~> 1.4)
    notiffany (0.1.3)
      nenv (~> 0.1)
      shellany (~> 0.0)
    oauth2 (2.0.9)
      faraday (>= 0.17.3, < 3.0)
      jwt (>= 1.0, < 3.0)
      multi_xml (~> 0.5)
      rack (>= 1.2, < 4)
      snaky_hash (~> 2.0)
      version_gem (~> 1.1)
    omniauth (2.1.1)
      hashie (>= 3.4.6)
      rack (>= 2.2.3)
      rack-protection
    omniauth-google-oauth2 (1.1.1)
      jwt (>= 2.0)
      oauth2 (~> 2.0.6)
      omniauth (~> 2.0)
      omniauth-oauth2 (~> 1.8.0)
    omniauth-oauth2 (1.8.0)
      oauth2 (>= 1.4, < 3)
      omniauth (~> 2.0)
    omniauth-rails_csrf_protection (1.0.1)
      actionpack (>= 4.2)
      omniauth (~> 2.0)
    omniauth-shibboleth (1.3.0)
      omniauth (>= 1.0.0)
    orm_adapter (0.5.0)
    parallel (1.23.0)
    parser (3.2.2.4)
      ast (~> 2.4.1)
      racc
    pg (1.5.4)
    prism (0.17.1)
    pry (0.14.2)
      coderay (~> 1.1)
      method_source (~> 1.0)
    psych (5.1.1.1)
      stringio
    public_suffix (5.0.4)
    puma (6.4.0)
      nio4r (~> 2.0)
    pwned (2.0.2)
    racc (1.7.3)
    rack (3.0.8)
    rack-mini-profiler (3.1.1)
      rack (>= 1.2.0)
    rack-protection (3.0.6)
      rack
    rack-session (2.0.0)
      rack (>= 3.0.0)
    rack-test (2.1.0)
      rack (>= 1.3)
    rackup (2.1.0)
      rack (>= 3)
      webrick (~> 1.8)
    rails (7.1.2)
      actioncable (= 7.1.2)
      actionmailbox (= 7.1.2)
      actionmailer (= 7.1.2)
      actionpack (= 7.1.2)
      actiontext (= 7.1.2)
      actionview (= 7.1.2)
      activejob (= 7.1.2)
      activemodel (= 7.1.2)
      activerecord (= 7.1.2)
      activestorage (= 7.1.2)
      activesupport (= 7.1.2)
      bundler (>= 1.15.0)
      railties (= 7.1.2)
    rails-dom-testing (2.2.0)
      activesupport (>= 5.0.0)
      minitest
      nokogiri (>= 1.6)
    rails-erd (1.7.2)
      activerecord (>= 4.2)
      activesupport (>= 4.2)
      choice (~> 0.2.0)
      ruby-graphviz (~> 1.2)
    rails-html-sanitizer (1.6.0)
      loofah (~> 2.21)
      nokogiri (~> 1.14)
    rails_real_favicon (0.1.1)
      json (>= 1.7, < 3)
      rails
      rubyzip (~> 2)
    railties (7.1.2)
      actionpack (= 7.1.2)
      activesupport (= 7.1.2)
      irb
      rackup (>= 1.0.0)
      rake (>= 12.2)
      thor (~> 1.0, >= 1.2.2)
      zeitwerk (~> 2.6)
    rainbow (3.1.1)
    rake (13.1.0)
    rb-fsevent (0.11.2)
    rb-inotify (0.10.1)
      ffi (~> 1.0)
    rdoc (6.6.0)
      psych (>= 4.0.0)
    redis (4.8.1)
    regexp_parser (2.8.2)
    reline (0.4.1)
      io-console (~> 0.5)
    request_store (1.5.1)
      rack (>= 1.4)
    responders (3.1.1)
      actionpack (>= 5.2)
      railties (>= 5.2)
    rexml (3.2.6)
    rspec (3.12.0)
      rspec-core (~> 3.12.0)
      rspec-expectations (~> 3.12.0)
      rspec-mocks (~> 3.12.0)
    rspec-core (3.12.2)
      rspec-support (~> 3.12.0)
    rspec-expectations (3.12.3)
      diff-lcs (>= 1.2.0, < 2.0)
      rspec-support (~> 3.12.0)
    rspec-mocks (3.12.6)
      diff-lcs (>= 1.2.0, < 2.0)
      rspec-support (~> 3.12.0)
    rspec-rails (6.0.4)
      actionpack (>= 6.1)
      activesupport (>= 6.1)
      railties (>= 6.1)
      rspec-core (~> 3.12)
      rspec-expectations (~> 3.12)
      rspec-mocks (~> 3.12)
      rspec-support (~> 3.12)
    rspec-support (3.12.1)
    rubocop (1.57.2)
      json (~> 2.3)
      language_server-protocol (>= 3.17.0)
      parallel (~> 1.10)
      parser (>= 3.2.2.4)
      rainbow (>= 2.2.2, < 4.0)
      regexp_parser (>= 1.8, < 3.0)
      rexml (>= 3.2.5, < 4.0)
      rubocop-ast (>= 1.28.1, < 2.0)
      ruby-progressbar (~> 1.7)
      unicode-display_width (>= 2.4.0, < 3.0)
    rubocop-ast (1.30.0)
      parser (>= 3.2.1.0)
    rubocop-performance (1.19.1)
      rubocop (>= 1.7.0, < 2.0)
      rubocop-ast (>= 0.4.0)
    ruby-graphviz (1.2.5)
      rexml
    ruby-lsp (0.12.5)
      language_server-protocol (~> 3.17.0)
      prism (>= 0.17.1, < 0.18)
      sorbet-runtime (>= 0.5.5685)
    ruby-progressbar (1.13.0)
    ruby-vips (2.2.0)
      ffi (~> 1.12)
    ruby2_keywords (0.0.5)
    rubyzip (2.3.2)
    selenium-webdriver (4.15.0)
      rexml (~> 3.2, >= 3.2.5)
      rubyzip (>= 1.2.2, < 3.0)
      websocket (~> 1.0)
    shellany (0.0.1)
    snaky_hash (2.0.1)
      hashie
      version_gem (~> 1.1, >= 1.1.1)
    sorbet-runtime (0.5.11142)
    sprockets (4.2.1)
      concurrent-ruby (~> 1.0)
      rack (>= 2.2.4, < 4)
    sprockets-rails (3.4.2)
      actionpack (>= 5.2)
      activesupport (>= 5.2)
      sprockets (>= 3.0.0)
    standard (1.32.0)
      language_server-protocol (~> 3.17.0.2)
      lint_roller (~> 1.0)
      rubocop (~> 1.57.2)
      standard-custom (~> 1.0.0)
      standard-performance (~> 1.2)
    standard-custom (1.0.2)
      lint_roller (~> 1.0)
      rubocop (~> 1.50)
    standard-performance (1.2.1)
      lint_roller (~> 1.1)
      rubocop-performance (~> 1.19.1)
    stimulus-rails (1.3.0)
      railties (>= 6.0.0)
    stringio (3.1.0)
    tailwindcss-rails (2.0.32-arm64-darwin)
      railties (>= 6.0.0)
    thor (1.3.0)
    timeout (0.4.1)
    turbo-rails (1.5.0)
      actionpack (>= 6.0.0)
      activejob (>= 6.0.0)
      railties (>= 6.0.0)
    tzinfo (2.0.6)
      concurrent-ruby (~> 1.0)
    unicode-display_width (2.5.0)
    uniform_notifier (1.16.0)
    valid_email2 (5.1.1)
      activemodel (>= 3.2)
      mail (~> 2.5)
    version_gem (1.1.3)
    warden (1.2.9)
      rack (>= 2.0.9)
    watir (7.3.0)
      regexp_parser (>= 1.2, < 3)
      selenium-webdriver (~> 4.2)
    web-console (4.2.1)
      actionview (>= 6.0.0)
      activemodel (>= 6.0.0)
      bindex (>= 0.4.0)
      railties (>= 6.0.0)
    webrick (1.8.1)
    websocket (1.2.10)
    websocket-driver (0.7.6)
      websocket-extensions (>= 0.1.0)
    websocket-extensions (0.1.5)
    xpath (3.2.0)
      nokogiri (~> 1.8)
    zeitwerk (2.6.12)

PLATFORMS
  arm64-darwin-22
  arm64-darwin-23

DEPENDENCIES
  acts_as_tenant
  annotate
  bootsnap
  bullet
  capybara
  debug
  devise (~> 4.8)
  devise-pwned_password
  guard-rspec
  honeybadger
  hotwire-livereload (~> 1.1)
  image_processing (~> 1.2)
  importmap-rails
  inline_svg
  jbuilder
  launchy
  letter_opener_web
  mini_magick
  nokogiri
  omniauth-google-oauth2
  omniauth-rails_csrf_protection
  omniauth-shibboleth
  pg (~> 1.1)
  puma (>= 6.4.0)
  rack-mini-profiler
  rails (~> 7.1.1)
  rails-erd
  rails_real_favicon
  redis (~> 4.0)
  rspec-rails (~> 6.0.0.rc1)
  ruby-lsp
  selenium-webdriver
  sprockets-rails
  standard
  stimulus-rails
  tailwindcss-rails
  turbo-rails
  tzinfo-data
  valid_email2
  watir
  web-console

CHECKSUMS
  actioncable (7.1.2) sha256=9e7c1bcf5bf57e5bdce846f6281b0ca2aec1ebd0ce1b99b0454194b6e52c7416
  actionmailbox (7.1.2) sha256=b7785621fcda24c518c343f037d17da37065c818ad9d92d2a42c206537a57d51
  actionmailer (7.1.2) sha256=e3ecff2e4fe22ee5133ca4ab1c5284052a91429697f5bae7752992c89a6a6e1e
  actionpack (7.1.2) sha256=eaa2ba517134a7e6495c51e42bfd73424c6c66fbb35f5b6160c7374128341a63
  actiontext (7.1.2) sha256=ba2d42595358b3fe6f79b1ae2840c08c8c134b6417ae3432505ccab446328e34
  actionview (7.1.2) sha256=f540c4360fc94e56e1085b3b4c4916bc5934a6633d5a5ed45014baabaa18b3cb
  activejob (7.1.2) sha256=d7867b27fa9bb0435da176d76c4392b92eb677a8e9b7971f1d407daadf5313a1
  activemodel (7.1.2) sha256=34d78721cd47899caea662e2a5b5c84768ebd0670845c691ce4ac769990a6ebf
  activerecord (7.1.2) sha256=7e7305deb74ee4e924815b90b53bdc5fe79fcfb09fb4d8d66a02a581b1f92b34
  activestorage (7.1.2) sha256=42b0f9a9bde084edb4aa045a99413885826262251b6bd5ad9727039b90bcd9ce
  activesupport (7.1.2) sha256=5bd81ef71524a14725ecb6c3b07bfc00ae0ccc77dd611190bd93bd9f92abd0d0
  acts_as_tenant (0.6.1) sha256=da2e13d41f5744df918dde9bd4f985448b0a0a37ae6038c3f729cc754f2613db
  addressable (2.8.5) sha256=63f0fbcde42edf116d6da98a9437f19dd1692152f1efa3fcc4741e443c772117
  annotate (3.2.0) sha256=9a61baa1fb13880aa3a8d9f62553889bb2a3b7970f88bbc66d3ac75a567780d3
  ast (2.4.2) sha256=1e280232e6a33754cde542bc5ef85520b74db2aac73ec14acef453784447cc12
  base64 (0.2.0) sha256=0f25e9b21a02a0cc0cea8ef92b2041035d39350946e8789c562b2d1a3da01507
  bcrypt (3.1.20) sha256=8410f8c7b3ed54a3c00cd2456bf13917d695117f033218e2483b2e40b0784099
  bigdecimal (3.1.5)
  bindex (0.8.1) sha256=7b1ecc9dc539ed8bccfc8cb4d2732046227b09d6f37582ff12e50a5047ceb17e
  bootsnap (1.17.0) sha256=6b0ea4dd68f0d424968dcd13953c3f04b13a19a8761c540d3af13507fcfa1347
  builder (3.2.4) sha256=99caf08af60c8d7f3a6b004029c4c3c0bdaebced6c949165fe98f1db27fbbc10
  bullet (7.1.4) sha256=b90d47a8556a018592f5772f03fde88ef205942d593a581380d85f4404124424
  capybara (3.39.2) sha256=d6f0ca5f30897e64789428d4b047a0df105815a302069913578ac35d5ca99884
  choice (0.2.0) sha256=a19617f7dfd4921b38a85d0616446620de685a113ec6d1ecc85bdb67bf38c974
  coderay (1.1.3) sha256=dc530018a4684512f8f38143cd2a096c9f02a1fc2459edcfe534787a7fc77d4b
  concurrent-ruby (1.2.2) sha256=3879119b8b75e3b62616acc256c64a134d0b0a7a9a3fcba5a233025bcde22c4f
  connection_pool (2.4.1) sha256=0f40cf997091f1f04ff66da67eabd61a9fe0d4928b9a3645228532512fab62f4
  crass (1.0.6) sha256=dc516022a56e7b3b156099abc81b6d2b08ea1ed12676ac7a5657617f012bd45d
  date (3.3.4) sha256=971f2cb66b945bcbea4ddd9c7908c9400b31a71bc316833cb42fa584b59d3291
  debug (1.8.0) sha256=502bd1ad41a9a4b51f557f181cd13650c746390a82b5d11a5d2c81600ca013da
  devise (4.9.3) sha256=480638d6c51b97f56da6e28d4f3e2a1b8e606681b316aa594b87c6ab94923488
  devise-pwned_password (0.1.10) sha256=1027ce8a64e0ad90b832ea5fafc2c85420ce632ce7e1d1eb108d622c0613546d
  diff-lcs (1.5.0) sha256=49b934001c8c6aedb37ba19daec5c634da27b318a7a3c654ae979d6ba1929b67
  drb (2.2.0) sha256=e9e4af1cded3306cfe37e064a0086e302d5f40df9cb4d161d059a6bb3a75d40f
  erubi (1.12.0) sha256=27bedb74dfb1e04ff60674975e182d8ca787f2224f2e8143268c7696f42e4723
  faraday (2.7.12) sha256=ed38dcd396d2defcf8a536bbf7ef45e6385392ab815fe087df46777be3a781a7
  faraday-net_http (3.0.2) sha256=6882929abed8094e1ee30344a3369e856fe34530044630d1f652bf70ebd87e8d
  ffi (1.16.3) sha256=6d3242ff10c87271b0675c58d68d3f10148fabc2ad6da52a18123f06078871fb
  formatador (1.1.0) sha256=54e23e2af4d60bb9327c7fac62b29968e4cf28cee0111f726d0bdeadc85e06d0
  globalid (1.2.1) sha256=70bf76711871f843dbba72beb8613229a49429d1866828476f9c9d6ccc327ce9
  guard (2.18.1) sha256=a3893d3b23d538a9b2d6f05a27713e0ed53ea881df0f0550b21a3393c6d87c09
  guard-compat (1.2.1) sha256=3ad21ab0070107f92edfd82610b5cdc2fb8e368851e72362ada9703443d646fe
  guard-rspec (4.7.3) sha256=a47ba03cbd1e3c71e6ae8645cea97e203098a248aede507461a43e906e2f75ca
  hashie (5.0.0) sha256=9d6c4e51f2a36d4616cbc8a322d619a162d8f42815a792596039fc95595603da
  honeybadger (5.3.0) sha256=f093935e8e2577a009c0df062b9874a98abe1c8ef3ff473e6100808c2a786705
  hotwire-livereload (1.3.0) sha256=e30a0fa364c848eab8cb5c41ef53cd1585d6c86da1bf560e5fd6686d47aeb095
  i18n (1.14.1) sha256=9d03698903547c060928e70a9bc8b6b87fda674453cda918fc7ab80235ae4a61
  image_processing (1.12.2) sha256=d3b9e9c5a1cc2607a5214cc28b90d317a03bdd06239584c97535dd73e46f62b8
  importmap-rails (1.2.3) sha256=31f1d82efe03436f3d863626846d0cdfb64e143f2e63690913279e37354312d9
  inline_svg (1.9.0) sha256=f44c5e3d2e401fd619ad3047b7c8cee384517d855edb1d1fb1a248d3cae535d6
  io-console (0.6.0) sha256=ce9d9a3455be48c56cac65b8ef7ec59b07526343905f9fda138791005b563336
  irb (1.9.1) sha256=8910a1cf5df7b80b744d762371d582130fdea72e4834e48875caa9a58b9af72a
  jbuilder (2.11.5) sha256=ea6234b334f4afc9205eaa136729da2904731ca01ff05d4db3173b70ebeba8c0
  json (2.6.3) sha256=86aaea16adf346a2b22743d88f8dcceeb1038843989ab93cda44b5176c845459
  jwt (2.7.1) sha256=07357cd2f180739b2f8184eda969e252d850ac996ed0a23f616e8ff0a90ae19b
  language_server-protocol (3.17.0.3) sha256=3d5c58c02f44a20d972957a9febe386d7e7468ab3900ce6bd2b563dd910c6b3f
  launchy (2.5.2) sha256=8aa0441655aec5514008e1d04892c2de3ba57bd337afb984568da091121a241b
  letter_opener (1.8.1) sha256=2d2841ec4767786996498f3f71e591458d1d0ba14d7df5162a5b044a6e24adf8
  letter_opener_web (2.0.0) sha256=33860ad41e1785d75456500e8ca8bba8ed71ee6eaf08a98d06bbab67c5577b6f
  lint_roller (1.1.0) sha256=2c0c845b632a7d172cb849cc90c1bce937a28c5c8ccccb50dfd46a485003cc87
  listen (3.8.0) sha256=9679040ac6e7845ad9f19cf59ecde60861c78e2fae57a5c20fe35e94959b2f8f
  loofah (2.22.0) sha256=10d76e070c86b12fec74b6a9515fd1940f4459198b991342d0a7897d86c372fe
  lumberjack (1.2.10) sha256=bbfe951629341095028ecbf1ad496b58bec3f8bcad6fe35a203a377839c42b6c
  mail (2.8.1) sha256=ec3b9fadcf2b3755c78785cb17bc9a0ca9ee9857108a64b6f5cfc9c0b5bfc9ad
  marcel (1.0.2) sha256=a013b677ef46cbcb49fd5c59b3d35803d2ee04dd75d8bfdc43533fc5a31f7e4e
  matrix (0.4.2) sha256=71083ccbd67a14a43bfa78d3e4dc0f4b503b9cc18e5b4b1d686dc0f9ef7c4cc0
  method_source (1.0.0) sha256=d779455a2b5666a079ce58577bfad8534f571af7cec8107f4dce328f0981dede
  mini_magick (4.12.0) sha256=67302fa84e63f1002b71416a8466968ed0f33d22f5d42962a0c09a9f1c3a906a
  mini_mime (1.1.5) sha256=8681b7e2e4215f2a159f9400b5816d85e9d8c6c6b491e96a12797e798f8bccef
  mini_portile2 (2.8.5) sha256=7a37db8ae758086c3c3ac3a59c036704d331e965d5e106635e4a42d6e66089ce
  minitest (5.20.0) sha256=a3faf26a757ced073aaae0bd10481340f53e221a4f50d8a6033591555374752e
  msgpack (1.7.2) sha256=59ab62fd8a4d0dfbde45009f87eb6f158ab2628a7c48886b0256f175166baaa8
  multi_xml (0.6.0) sha256=d24393cf958adb226db884b976b007914a89c53ad88718e25679d7008823ad52
  mutex_m (0.2.0) sha256=b6ef0c6c842ede846f2ec0ade9e266b1a9dac0bc151682b04835e8ebd54840d5
  nenv (0.3.0) sha256=d9de6d8fb7072228463bf61843159419c969edb34b3cef51832b516ae7972765
  net-imap (0.4.6) sha256=31975db12d9f7979338ad29934ded585a1fdc881b096dc72b35596a563281a3e
  net-pop (0.1.2) sha256=848b4e982013c15b2f0382792268763b748cce91c9e91e36b0f27ed26420dff3
  net-protocol (0.2.2) sha256=aa73e0cba6a125369de9837b8d8ef82a61849360eba0521900e2c3713aa162a8
  net-smtp (0.4.0) sha256=2d7eb8de289ba8dce3f0d436ee40b9366bea28354c5ba183c8ab2ec05139a3e7
  nio4r (2.6.1) sha256=284aae4adc431498a8f2a8e6027da72bca5f2ea8134d770ffc6f8e45bf6b29f9
  nokogiri (1.15.5) sha256=22448ca35dbcbdcec60dbe25ccf452b685a5436c28f21b2fec2e20917aba9100
  notiffany (0.1.3) sha256=d37669605b7f8dcb04e004e6373e2a780b98c776f8eb503ac9578557d7808738
  oauth2 (2.0.9) sha256=b21f9defcf52dc1610e0dfab4c868342173dcd707fd15c777d9f4f04e153f7fb
  omniauth (2.1.1) sha256=f2e43fc889fd915838bd1c812569e7e8211b7a1a53d1e0dbb9f694a163d7b297
  omniauth-google-oauth2 (1.1.1) sha256=4496f126e84eaf760f9c6a5c69e5e7511f98092d7f25ad79fd2c0ae5e09b5039
  omniauth-oauth2 (1.8.0) sha256=b2f8e9559cc7e2d4efba57607691d6d2b634b879fc5b5b6ccfefa3da85089e78
  omniauth-rails_csrf_protection (1.0.1) sha256=fc546aeb7d43b7b9d7737051c380156e61c8f080b898cd4934d523eaa7e59acf
  omniauth-shibboleth (1.3.0) sha256=b0bb725ced5cb76fbfc187ddbb8ad6864d0cd5df714cab36a528df8ee4b1d113
  orm_adapter (0.5.0) sha256=aa5d0be5d540cbb46d3a93e88061f4ece6a25f6e97d6a47122beb84fe595e9b9
  parallel (1.23.0) sha256=27154713ad6ef32fa3dcb7788a721d6c07bca77e72443b4c6080a14145288c49
  parser (3.2.2.4) sha256=edbe6751f85599c8152173ccadbd708f444b7214de2a1d4969441a68e06ac964
  pg (1.5.4) sha256=04f7b247151c639a0b955d8e5a9a41541343f4640aa3c2bdf749a872c339d25d
  prism (0.17.1) sha256=e63f86df2c36aecd578431ee0c9d1f66cdef98a406f0a11e7da949514212cbcd
  pry (0.14.2) sha256=c4fe54efedaca1d351280b45b8849af363184696fcac1c72e0415f9bdac4334d
  psych (5.1.1.1) sha256=44b0d1823629ac815f1f470af642dc7261489d67feb622a3f5573aa9f5cc5f72
  public_suffix (5.0.4) sha256=35cd648e0d21d06b8dce9331d19619538d1d898ba6d56a6f2258409d2526d1ae
  puma (6.4.0) sha256=d5dda11362744df9f4694708a62e3cfddf72eba7498c16016ebbb30f106712f9
  pwned (2.0.2) sha256=67d500a904047fddff7d406beeffff9c6cb67d4e44ce888422f61edef7e75386
  racc (1.7.3) sha256=b785ab8a30ec43bce073c51dbbe791fd27000f68d1c996c95da98bf685316905
  rack (3.0.8) sha256=9c2c912fb7bb367ddeea98193fc51f2aa526733066d0846911aaddb13a457248
  rack-mini-profiler (3.1.1) sha256=3bbcb84abdfe51e05341a58d6714e027499f974245c4738c74ee38400e3e72a3
  rack-protection (3.0.6) sha256=08c6dfdab74abf57243242df73c286de3d75b2b0110803cd79b4f3f0d531f5ce
  rack-session (2.0.0) sha256=db04b2063e180369192a9046b4559af311990af38c6a93d4c600cee4eb6d4e81
  rack-test (2.1.0) sha256=0c61fc61904049d691922ea4bb99e28004ed3f43aa5cfd495024cc345f125dfb
  rackup (2.1.0) sha256=6ecb884a581990332e45ee17bdfdc14ccbee46c2f710ae1566019907869a6c4d
  rails (7.1.2) sha256=e0a5c335f02356ed3fa0fc2d28718a2541505119ac30d91002bdbf4786db3eeb
  rails-dom-testing (2.2.0) sha256=e515712e48df1f687a1d7c380fd7b07b8558faa26464474da64183a7426fa93b
  rails-erd (1.7.2) sha256=0b17d0fba25d319d8da8af7a3e5e2149d02d6187cc7351e8be43423f07c48bcd
  rails-html-sanitizer (1.6.0) sha256=86e9f19d2e6748890dcc2633c8945ca45baa08a1df9d8c215ce17b3b0afaa4de
  rails_real_favicon (0.1.1) sha256=f71e5575f3bf1944732417a98e2014017831e1845c4e6ffd31bc6adadbe32a94
  railties (7.1.2) sha256=f0394dc4ff065aafe6c87103ad3188a54268d811cb1549e4ac8bc56f71581858
  rainbow (3.1.1) sha256=039491aa3a89f42efa1d6dec2fc4e62ede96eb6acd95e52f1ad581182b79bc6a
  rake (13.1.0) sha256=be6a3e1aa7f66e6c65fa57555234eb75ce4cf4ada077658449207205474199c6
  rb-fsevent (0.11.2) sha256=43900b972e7301d6570f64b850a5aa67833ee7d87b458ee92805d56b7318aefe
  rb-inotify (0.10.1) sha256=050062d4f31d307cca52c3f6a7f4b946df8de25fc4bd373e1a5142e41034a7ca
  rdoc (6.6.0) sha256=10bff3fb916454ad47afa2b2471b2154896ff65bb808b616f221d22da67dd3de
  redis (4.8.1) sha256=387ee086694fffc9632aaeb1efe4a7b1627ca783bf373320346a8a20cd93333a
  regexp_parser (2.8.2) sha256=5e65506e536e4f14ce2cd98a3daecf20b88ac77b6268412928bec98c872e2ab5
  reline (0.4.1) sha256=08c2db3d2b835f582d734d3f44cd71c26cae59e2a94a58d562fde36fa4fb26c2
  request_store (1.5.1) sha256=07a204d161590789f2b1d27f9f0eadcdecd6d868cb2f03240250e1bc747df78e
  responders (3.1.1) sha256=92f2a87e09028347368639cfb468f5fefa745cb0dc2377ef060db1cdd79a341a
  rexml (3.2.6) sha256=e0669a2d4e9f109951cb1fde723d8acd285425d81594a2ea929304af50282816
  rspec (3.12.0) sha256=ccc41799a43509dc0be84070e3f0410ac95cbd480ae7b6c245543eb64162399c
  rspec-core (3.12.2) sha256=155b54480f28e2b2813185077fe435c2d663031616360ed3b179a9d6a55d2551
  rspec-expectations (3.12.3) sha256=093d18e2e7e0a2c619ef8f7343d442fc6c0793fb7897d56f16f26c8a9d244416
  rspec-mocks (3.12.6) sha256=de51a4148ba2ce6f1c1646a2a03e9df2f52da9a42b164f2e7467b2cbe37e07bf
  rspec-rails (6.0.4) sha256=60bbfd7ec06124d0cd3eedcdf1ce31b6faa58bfdd0413ccbadd9db84a168ae0d
  rspec-support (3.12.1) sha256=f969b85d0068ff97bc47c9d6fc2bca9706d73406f2b4e5d3b346443d8734c8cf
  rubocop (1.57.2) sha256=8f679dfe42d7821dc61dafb17d14b1294343157a197b9f8a23720ca17fb9161b
  rubocop-ast (1.30.0) sha256=faad6452b1018fee0dd9e21a44445908e94ee2a4435932a9dae0e0740b6349b3
  rubocop-performance (1.19.1) sha256=52664172d944eb45d478ed6d04c8b02c36cf0ee15726fabb6c90a95ca5cdfadf
  ruby-graphviz (1.2.5) sha256=1c2bb44e3f6da9e2b829f5e7fd8d75a521485fb6b4d1fc66ff0f93f906121504
  ruby-lsp (0.12.5) sha256=9d50460cfb3970ee8f10d1b5adc6c673c5b16e4b546582c13c65a0e92dd75961
  ruby-progressbar (1.13.0) sha256=80fc9c47a9b640d6834e0dc7b3c94c9df37f08cb072b7761e4a71e22cff29b33
  ruby-vips (2.2.0) sha256=3be4fcf4ec77a33bbf25e4f9a9d02b21844f6c39c61af2a8221f699d5683739b
  ruby2_keywords (0.0.5) sha256=ffd13740c573b7301cf7a2e61fc857b2a8e3d3aff32545d6f8300d8bae10e3ef
  rubyzip (2.3.2) sha256=3f57e3935dc2255c414484fbf8d673b4909d8a6a57007ed754dde39342d2373f
  selenium-webdriver (4.15.0) sha256=36134e883c4df98f1b7e8519a3753c77427b74621147f8245aa6cac306d52297
  shellany (0.0.1) sha256=0e127a9132698766d7e752e82cdac8250b6adbd09e6c0a7fbbb6f61964fedee7
  snaky_hash (2.0.1) sha256=1ac87ec157fcfe7a460e821e0cd48ae1e6f5e3e082ab520f03f31a9259dbdc31
  sorbet-runtime (0.5.11142) sha256=65c9f1b4e4cd348f14ccc0ba0bd73d83e06a41d95ac7424e6576cb6d564b76ef
  sprockets (4.2.1) sha256=951b13dd2f2fcae840a7184722689a803e0ff9d2702d902bd844b196da773f97
  sprockets-rails (3.4.2) sha256=36d6327757ccf7460a00d1d52b2d5ef0019a4670503046a129fa1fb1300931ad
  standard (1.32.0) sha256=0de1fa34f83e080bdc5a3c58a60a16aa0bbadc97f00f70c7ea274141c165e7c3
  standard-custom (1.0.2) sha256=424adc84179a074f1a2a309bb9cf7cd6bfdb2b6541f20c6bf9436c0ba22a652b
  standard-performance (1.2.1) sha256=a757913b44ba9724ca681789c911d5c0b65f8c6d2ded1e9e0add7c1cb56eef23
  stimulus-rails (1.3.0) sha256=19d138829c2d6e6cc22c2c12141d621a8db29400dc93be01dcc9dda2ce227e7c
  stringio (3.1.0) sha256=c1f6263ae03a15025e51194ab19b06b15e06adcaaedb7f5f6c06ab60f5d67718
  tailwindcss-rails (2.0.32-arm64-darwin) sha256=7e688e2e1c98dc33b03ff8aff630c510092c643c8e5914dbc3c0cfa0ae0cae94
  thor (1.3.0) sha256=1adc7f9e5b3655a68c71393fee8bd0ad088d14ee8e83a0b73726f23cbb3ca7c3
  timeout (0.4.1) sha256=6f1f4edd4bca28cffa59501733a94215407c6960bd2107331f0280d4abdebb9a
  turbo-rails (1.5.0) sha256=b426cc762fb0940277729b3f1751a9f0bd269f5613c1d62ac73e5f0be7c7a83e
  tzinfo (2.0.6) sha256=8daf828cc77bcf7d63b0e3bdb6caa47e2272dcfaf4fbfe46f8c3a9df087a829b
  unicode-display_width (2.5.0) sha256=7e7681dcade1add70cb9fda20dd77f300b8587c81ebbd165d14fd93144ff0ab4
  uniform_notifier (1.16.0) sha256=99b39ee4a0864e3b49f375b5e5803eb26d35ed6eb1719c96407573a87bc4dbb5
  valid_email2 (5.1.1) sha256=da03e0415a9937c4e1673081403034835c4b4c733f992530ab02c2b814c60a19
  version_gem (1.1.3) sha256=07ba4b679abc44198950d191a994d5a504f8f6aad470178e491467f638d0df60
  warden (1.2.9) sha256=46684f885d35a69dbb883deabf85a222c8e427a957804719e143005df7a1efd0
  watir (7.3.0) sha256=9aabb3f64c8be912745863743ab9cbdb3f750f431df21b2360b517850692e46f
  web-console (4.2.1) sha256=e7bcf37a10ea2b4ec4281649d1cee461b32232d0a447e82c786e6841fd22fe20
  webrick (1.8.1) sha256=19411ec6912911fd3df13559110127ea2badd0c035f7762873f58afc803e158f
  websocket (1.2.10) sha256=2cc1a4a79b6e63637b326b4273e46adcddf7871caa5dc5711f2ca4061a629fa8
  websocket-driver (0.7.6) sha256=f69400be7bc197879726ad8e6f5869a61823147372fd8928836a53c2c741d0db
  websocket-extensions (0.1.5) sha256=1c6ba63092cda343eb53fc657110c71c754c56484aad42578495227d717a8241
  xpath (3.2.0) sha256=6dfda79d91bb3b949b947ecc5919f042ef2f399b904013eb3ef6d20dd3a4082e
  zeitwerk (2.6.12) sha256=561e12975d0332fd3b62cc859aff3bab432e5f320689c8a10cd4674b5c0439be

RUBY VERSION
   ruby 3.3.0.dev

BUNDLED WITH
   2.5.0.dev
